FRAMEWORK: NETSTANDARD16
NUGET
  remote: https://www.nuget.org/api/v2
    FParsec (1.0.2)
    FSharp.Compiler.Tools (4.1.17)
    FSharp.Core (4.1.17) - redirects: force
      System.Collections (>= 4.0.11)
      System.Console (>= 4.0)
      System.Diagnostics.Debug (>= 4.0.11)
      System.Diagnostics.Tools (>= 4.0.1)
      System.Globalization (>= 4.0.11)
      System.IO (>= 4.1)
      System.Linq (>= 4.1)
      System.Linq.Expressions (>= 4.1)
      System.Linq.Queryable (>= 4.0.1)
      System.Net.Requests (>= 4.0.11)
      System.Reflection (>= 4.1)
      System.Reflection.Extensions (>= 4.0.1)
      System.Resources.ResourceManager (>= 4.0.1)
      System.Runtime (>= 4.1)
      System.Runtime.Extensions (>= 4.1)
      System.Runtime.Numerics (>= 4.0.1)
      System.Text.RegularExpressions (>= 4.1)
      System.Threading (>= 4.0.11)
      System.Threading.Tasks (>= 4.0.11)
      System.Threading.Tasks.Parallel (>= 4.0.1)
      System.Threading.Thread (>= 4.0)
      System.Threading.ThreadPool (>= 4.0.10)
      System.Threading.Timer (>= 4.0.1)
    FSharp.NET.Sdk (1.0.5)
      FSharp.Compiler.Tools (>= 4.1.17) - framework: >= net40, netstandard16
    Libuv (1.9.2)
      Microsoft.NETCore.Platforms (>= 1.0.1)
    Microsoft.AspNetCore.Authentication (1.1.2)
      Microsoft.AspNetCore.DataProtection (>= 1.1.2) - framework: >= net451, netstandard16
      Microsoft.AspNetCore.Http (>= 1.1.2) - framework: >= net451, netstandard16
      Microsoft.AspNetCore.Http.Extensions (>= 1.1.2) - framework: >= net451, netstandard16
      Microsoft.Extensions.Logging.Abstractions (>= 1.1.2) - framework: >= net451, netstandard16
      Microsoft.Extensions.Options (>= 1.1.2) - framework: >= net451, netstandard16
      Microsoft.Extensions.WebEncoders (>= 1.1.2) - framework: >= net451, netstandard16
      NETStandard.Library (>= 1.6.1) - framework: >= net451, netstandard16
    Microsoft.AspNetCore.Authentication.Cookies (1.1.2)
      Microsoft.AspNetCore.Authentication (>= 1.1.2) - framework: >= net451, netstandard16
      Microsoft.Extensions.Options (>= 1.1.2) - framework: >= net451, netstandard16
      Microsoft.Extensions.WebEncoders (>= 1.1.2) - framework: >= net451, netstandard16
      NETStandard.Library (>= 1.6.1) - framework: >= net451, netstandard16
    Microsoft.AspNetCore.Authentication.Google (1.1.2)
      Microsoft.AspNetCore.Authentication.OAuth (>= 1.1.2) - framework: >= net451, netstandard16
      NETStandard.Library (>= 1.6.1) - framework: >= net451, netstandard16
    Microsoft.AspNetCore.Authentication.JwtBearer (1.1.2)
      Microsoft.AspNetCore.Authentication (>= 1.1.2) - framework: >= net451, netstandard16
      Microsoft.IdentityModel.Protocols.OpenIdConnect (>= 2.1.2) - framework: >= net451, netstandard16
      NETStandard.Library (>= 1.6.1) - framework: >= net451, netstandard16
    Microsoft.AspNetCore.Authentication.OAuth (1.1.2)
      Microsoft.AspNetCore.Authentication (>= 1.1.2) - framework: >= net451, netstandard16
      NETStandard.Library (>= 1.6.1) - framework: >= net451, netstandard16
      Newtonsoft.Json (>= 9.0.1) - framework: >= net451, netstandard16
      System.Runtime.Serialization.Primitives (>= 4.3)
    Microsoft.AspNetCore.Cryptography.Internal (1.1.2)
      NETStandard.Library (>= 1.6.1) - framework: >= net451, netstandard16
    Microsoft.AspNetCore.Cryptography.KeyDerivation (1.1.2)
      Microsoft.AspNetCore.Cryptography.Internal (>= 1.1.2) - framework: >= net451, netstandard16
      NETStandard.Library (>= 1.6.1) - framework: >= net451, netstandard16
    Microsoft.AspNetCore.DataProtection (1.1.2)
      Microsoft.AspNetCore.Cryptography.Internal (>= 1.1.2) - framework: >= net451, netstandard16
      Microsoft.AspNetCore.DataProtection.Abstractions (>= 1.1.2) - framework: >= net451, netstandard16
      Microsoft.AspNetCore.Hosting.Abstractions (>= 1.1.2) - framework: >= net451, netstandard16
      Microsoft.Extensions.DependencyInjection.Abstractions (>= 1.1.1) - framework: >= net451, netstandard16
      Microsoft.Extensions.Logging.Abstractions (>= 1.1.2) - framework: >= net451, netstandard16
      Microsoft.Extensions.Options (>= 1.1.2) - framework: >= net451, netstandard16
      Microsoft.Win32.Registry (>= 4.3)
      NETStandard.Library (>= 1.6.1) - framework: >= net451, netstandard16
      System.Security.Claims (>= 4.3)
      System.Security.Principal.Windows (>= 4.3)
    Microsoft.AspNetCore.DataProtection.Abstractions (1.1.2)
      NETStandard.Library (>= 1.6.1) - framework: >= net451, netstandard16
      System.ComponentModel (>= 4.3)
    Microsoft.AspNetCore.Diagnostics (1.1.2)
      Microsoft.AspNetCore.Diagnostics.Abstractions (>= 1.1.2) - framework: >= net451, netstandard16
      Microsoft.AspNetCore.Hosting.Abstractions (>= 1.1.2) - framework: >= net451, netstandard16
      Microsoft.AspNetCore.Http.Extensions (>= 1.1.2) - framework: >= net451, netstandard16
      Microsoft.AspNetCore.WebUtilities (>= 1.1.2) - framework: >= net451, netstandard16
      Microsoft.Extensions.FileProviders.Physical (>= 1.1.1) - framework: >= net451, netstandard16
      Microsoft.Extensions.Logging.Abstractions (>= 1.1.2) - framework: >= net451, netstandard16
      Microsoft.Extensions.Options (>= 1.1.2) - framework: >= net451, netstandard16
      NETStandard.Library (>= 1.6.1) - framework: >= net451, netstandard16
      System.Diagnostics.DiagnosticSource (>= 4.3) - framework: >= net451, netstandard16
      System.Diagnostics.StackTrace (>= 4.3)
      System.Reflection.Metadata (>= 1.4.1) - framework: >= net451, netstandard16
    Microsoft.AspNetCore.Diagnostics.Abstractions (1.1.2)
      NETStandard.Library (>= 1.6.1)
    Microsoft.AspNetCore.Hosting (1.1.2)
      Microsoft.AspNetCore.Hosting.Abstractions (>= 1.1.2) - framework: >= net451, netstandard16
      Microsoft.AspNetCore.Hosting.Server.Abstractions (>= 1.1.2) - framework: >= net451, netstandard16
      Microsoft.AspNetCore.Http (>= 1.1.2) - framework: >= net451, netstandard16
      Microsoft.AspNetCore.Http.Extensions (>= 1.1.2) - framework: >= net451, netstandard16
      Microsoft.Extensions.Configuration (>= 1.1.2) - framework: >= net451, netstandard16
      Microsoft.Extensions.Configuration.EnvironmentVariables (>= 1.1.2) - framework: >= net451, netstandard16
      Microsoft.Extensions.DependencyInjection (>= 1.1.1) - framework: >= net451, netstandard16
      Microsoft.Extensions.FileProviders.Physical (>= 1.1.1) - framework: >= net451, netstandard16
      Microsoft.Extensions.Logging (>= 1.1.2) - framework: >= net451, netstandard16
      Microsoft.Extensions.Options (>= 1.1.2) - framework: >= net451, netstandard16
      Microsoft.Extensions.PlatformAbstractions (>= 1.1) - framework: >= net451, netstandard16
      NETStandard.Library (>= 1.6.1) - framework: >= net451, netstandard16
      System.Diagnostics.DiagnosticSource (>= 4.3.1) - framework: >= net451, netstandard16
      System.Diagnostics.StackTrace (>= 4.3)
      System.Reflection.Metadata (>= 1.4.1) - framework: >= net451, netstandard16
      System.Runtime.Loader (>= 4.3)
    Microsoft.AspNetCore.Hosting.Abstractions (1.1.2)
      Microsoft.AspNetCore.Hosting.Server.Abstractions (>= 1.1.2) - framework: >= net451, netstandard16
      Microsoft.AspNetCore.Http.Abstractions (>= 1.1.2) - framework: >= net451, netstandard16
      Microsoft.Extensions.Configuration.Abstractions (>= 1.1.2) - framework: >= net451, netstandard16
      Microsoft.Extensions.DependencyInjection.Abstractions (>= 1.1.1) - framework: >= net451, netstandard16
      Microsoft.Extensions.FileProviders.Abstractions (>= 1.1.1) - framework: >= net451, netstandard16
      Microsoft.Extensions.Logging.Abstractions (>= 1.1.2) - framework: >= net451, netstandard16
      NETStandard.Library (>= 1.6.1) - framework: >= net451, netstandard16
    Microsoft.AspNetCore.Hosting.Server.Abstractions (1.1.2)
      Microsoft.AspNetCore.Http.Features (>= 1.1.2) - framework: >= net451, netstandard16
      Microsoft.Extensions.Configuration.Abstractions (>= 1.1.2) - framework: >= net451, netstandard16
      NETStandard.Library (>= 1.6.1) - framework: >= net451, netstandard16
    Microsoft.AspNetCore.Http (1.1.2)
      Microsoft.AspNetCore.Http.Abstractions (>= 1.1.2) - framework: >= net451, netstandard16
      Microsoft.AspNetCore.WebUtilities (>= 1.1.2) - framework: >= net451, netstandard16
      Microsoft.Extensions.ObjectPool (>= 1.1.1) - framework: >= net451, netstandard16
      Microsoft.Extensions.Options (>= 1.1.2) - framework: >= net451, netstandard16
      Microsoft.Net.Http.Headers (>= 1.1.2) - framework: >= net451, netstandard16
      NETStandard.Library (>= 1.6.1) - framework: >= net451, netstandard16
      System.Buffers (>= 4.3) - framework: >= net451, netstandard16
    Microsoft.AspNetCore.Http.Abstractions (1.1.2)
      Microsoft.AspNetCore.Http.Features (>= 1.1.2) - framework: >= net451, netstandard16
      Microsoft.Extensions.Primitives (>= 1.1.1) - framework: >= net451, netstandard16
      NETStandard.Library (>= 1.6.1) - framework: >= net451, netstandard16
      System.Globalization.Extensions (>= 4.3)
      System.Reflection.TypeExtensions (>= 4.3)
      System.Text.Encodings.Web (>= 4.3.1) - framework: >= net451, netstandard16
    Microsoft.AspNetCore.Http.Extensions (1.1.2)
      Microsoft.AspNetCore.Http.Abstractions (>= 1.1.2) - framework: >= net451, netstandard16
      Microsoft.Extensions.FileProviders.Abstractions (>= 1.1.1) - framework: >= net451, netstandard16
      Microsoft.Net.Http.Headers (>= 1.1.2) - framework: >= net451, netstandard16
      NETStandard.Library (>= 1.6.1) - framework: >= net451, netstandard16
      System.Buffers (>= 4.3) - framework: >= net451, netstandard16
    Microsoft.AspNetCore.Http.Features (1.1.2)
      Microsoft.Extensions.Primitives (>= 1.1.1) - framework: >= net451, netstandard16
      NETStandard.Library (>= 1.6.1) - framework: >= net451, netstandard16
      System.ComponentModel (>= 4.3)
      System.Net.WebSockets (>= 4.3)
      System.Security.Claims (>= 4.3)
      System.Security.Principal (>= 4.3)
    Microsoft.AspNetCore.Identity (1.1.2)
      Microsoft.AspNetCore.Authentication.Cookies (>= 1.1.2) - framework: >= net451, netstandard16
      Microsoft.AspNetCore.Cryptography.KeyDerivation (>= 1.1.2) - framework: >= net451, netstandard16
      Microsoft.AspNetCore.Hosting.Abstractions (>= 1.1.2) - framework: >= net451, netstandard16
      NETStandard.Library (>= 1.6.1) - framework: >= net451, netstandard16
    Microsoft.AspNetCore.ResponseCompression (1.0.2)
      Microsoft.AspNetCore.Http.Extensions (>= 1.1.2) - framework: >= net451, netstandard16
      Microsoft.Extensions.Options (>= 1.1.2) - framework: >= net451, netstandard16
      NETStandard.Library (>= 1.6.1) - framework: >= net451, netstandard16
    Microsoft.AspNetCore.Routing (1.1.2)
      Microsoft.AspNetCore.Http.Extensions (>= 1.1.2) - framework: >= net451, netstandard16
      Microsoft.AspNetCore.Routing.Abstractions (>= 1.1.2) - framework: >= net451, netstandard16
      Microsoft.Extensions.Logging.Abstractions (>= 1.1.2) - framework: >= net451, netstandard16
      Microsoft.Extensions.ObjectPool (>= 1.1.1) - framework: >= net451, netstandard16
      Microsoft.Extensions.Options (>= 1.1.2) - framework: >= net451, netstandard16
      NETStandard.Library (>= 1.6.1) - framework: >= net451, netstandard16
    Microsoft.AspNetCore.Routing.Abstractions (1.1.2)
      Microsoft.AspNetCore.Http.Abstractions (>= 1.1.2) - framework: >= net451, netstandard16
      NETStandard.Library (>= 1.6.1) - framework: >= net451, netstandard16
    Microsoft.AspNetCore.Server.Kestrel (1.1.2)
      Libuv (>= 1.9.1) - framework: >= net451, netstandard16
      Microsoft.AspNetCore.Hosting (>= 1.1.2) - framework: >= net451, netstandard16
      Microsoft.Extensions.Logging.Abstractions (>= 1.1.2) - framework: >= net451, netstandard16
      NETStandard.Library (>= 1.6.1) - framework: >= net451, netstandard16
      System.Buffers (>= 4.3) - framework: >= net451, netstandard16
      System.Numerics.Vectors (>= 4.3) - framework: >= net451, netstandard16
      System.Threading.Tasks.Extensions (>= 4.3) - framework: >= net451, netstandard16
      System.Threading.Thread (>= 4.3)
      System.Threading.ThreadPool (>= 4.3)
    Microsoft.AspNetCore.WebUtilities (1.1.2)
      Microsoft.Extensions.Primitives (>= 1.1.1) - framework: >= net451, netstandard16
      Microsoft.Net.Http.Headers (>= 1.1.2) - framework: >= net451, netstandard16
      NETStandard.Library (>= 1.6.1) - framework: >= net451, netstandard16
      System.Buffers (>= 4.3) - framework: >= net451, netstandard16
      System.Text.Encodings.Web (>= 4.3.1) - framework: >= net451, netstandard16
    Microsoft.Extensions.Configuration (1.1.2)
      Microsoft.Extensions.Configuration.Abstractions (>= 1.1.2) - framework: >= net45, netstandard16
      NETStandard.Library (>= 1.6.1) - framework: >= net45, netstandard16
    Microsoft.Extensions.Configuration.Abstractions (1.1.2)
      Microsoft.Extensions.Primitives (>= 1.1.1)
      NETStandard.Library (>= 1.6.1)
    Microsoft.Extensions.Configuration.EnvironmentVariables (1.1.2)
      Microsoft.Extensions.Configuration (>= 1.1.2) - framework: >= net451, netstandard16
      NETStandard.Library (>= 1.6.1) - framework: >= net451, netstandard16
    Microsoft.Extensions.DependencyInjection (1.1.1)
      Microsoft.Extensions.DependencyInjection.Abstractions (>= 1.1.1) - framework: >= net45, netstandard16
      NETStandard.Library (>= 1.6.1) - framework: >= net45, netstandard16
    Microsoft.Extensions.DependencyInjection.Abstractions (1.1.1)
      NETStandard.Library (>= 1.6.1)
      System.ComponentModel (>= 4.3)
    Microsoft.Extensions.FileProviders.Abstractions (1.1.1)
      Microsoft.Extensions.Primitives (>= 1.1.1)
      NETStandard.Library (>= 1.6.1)
    Microsoft.Extensions.FileProviders.Physical (1.1.1)
      Microsoft.Extensions.FileProviders.Abstractions (>= 1.1.1) - framework: >= net451, netstandard16
      Microsoft.Extensions.FileSystemGlobbing (>= 1.1.1) - framework: >= net451, netstandard16
      NETStandard.Library (>= 1.6.1) - framework: >= net451, netstandard16
      System.IO.FileSystem.Watcher (>= 4.3)
    Microsoft.Extensions.FileSystemGlobbing (1.1.1)
      NETStandard.Library (>= 1.6.1) - framework: >= net45, netstandard16
    Microsoft.Extensions.Logging (1.1.2)
      Microsoft.Extensions.DependencyInjection.Abstractions (>= 1.1.1) - framework: >= net45, netstandard16
      Microsoft.Extensions.Logging.Abstractions (>= 1.1.2) - framework: >= net45, netstandard16
      NETStandard.Library (>= 1.6.1) - framework: >= net45, netstandard16
    Microsoft.Extensions.Logging.Abstractions (1.1.2)
      NETStandard.Library (>= 1.6.1) - framework: >= net45, netstandard16
    Microsoft.Extensions.ObjectPool (1.1.1)
      NETStandard.Library (>= 1.6.1) - framework: >= net451, netstandard16
    Microsoft.Extensions.Options (1.1.2)
      Microsoft.Extensions.DependencyInjection.Abstractions (>= 1.1.1)
      Microsoft.Extensions.Primitives (>= 1.1.1)
      NETStandard.Library (>= 1.6.1)
      System.ComponentModel (>= 4.3)
    Microsoft.Extensions.PlatformAbstractions (1.1)
      NETStandard.Library (>= 1.6.1) - framework: >= net451, netstandard16
      System.Reflection.TypeExtensions (>= 4.3)
    Microsoft.Extensions.Primitives (1.1.1)
      NETStandard.Library (>= 1.6.1)
      System.Runtime.CompilerServices.Unsafe (>= 4.3)
    Microsoft.Extensions.WebEncoders (1.1.2)
      Microsoft.Extensions.DependencyInjection.Abstractions (>= 1.1.1)
      Microsoft.Extensions.Options (>= 1.1.2)
      NETStandard.Library (>= 1.6.1)
      System.Text.Encodings.Web (>= 4.3.1)
    Microsoft.IdentityModel.Logging (1.1.3)
      System.Diagnostics.Tracing (>= 4.3)
      System.Globalization (>= 4.3)
      System.IO (>= 4.3)
      System.IO.FileSystem (>= 4.3)
    Microsoft.IdentityModel.Protocols (2.1.3)
      System.Collections.Specialized (>= 4.3)
      System.Diagnostics.Contracts (>= 4.3)
      System.IdentityModel.Tokens.Jwt (>= 5.1.3) - framework: >= net451, netstandard16
      System.Net.Http (>= 4.3)
    Microsoft.IdentityModel.Protocols.OpenIdConnect (2.1.3)
      Microsoft.IdentityModel.Protocols (>= 2.1.3) - framework: >= net451, netstandard16
      System.Dynamic.Runtime (>= 4.3)
    Microsoft.IdentityModel.Tokens (5.1.3)
      Microsoft.IdentityModel.Logging (>= 1.1.3) - framework: >= net451, netstandard16
      Newtonsoft.Json (>= 9.0.1) - framework: >= net451, netstandard16
      System.Collections (>= 4.3)
      System.Diagnostics.Tools (>= 4.3)
      System.Runtime (>= 4.3)
      System.Runtime.Extensions (>= 4.3)
      System.Runtime.InteropServices (>= 4.3)
      System.Runtime.InteropServices.RuntimeInformation (>= 4.3)
      System.Security.Claims (>= 4.3)
      System.Security.Cryptography.Algorithms (>= 4.3)
      System.Security.Cryptography.X509Certificates (>= 4.3)
      System.Text.RegularExpressions (>= 4.3)
      System.Threading (>= 4.3)
      System.Xml.ReaderWriter (>= 4.3)
    Microsoft.Net.Http.Headers (1.1.2)
      Microsoft.Extensions.Primitives (>= 1.1.1) - framework: >= net45, netstandard16
      NETStandard.Library (>= 1.6.1) - framework: >= net45, netstandard16
      System.Buffers (>= 4.3) - framework: >= net45, netstandard16
      System.Diagnostics.Contracts (>= 4.3) - framework: >= net45, netstandard16
    Microsoft.NET.Test.Sdk (15.0)
      Microsoft.TestPlatform.TestHost (>= 15.0)
    Microsoft.NETCore.App (1.1.2)
    Microsoft.TestPlatform.TestHost (15.0)
    Newtonsoft.Json (10.0.2)
      Microsoft.CSharp (>= 4.3)
      NETStandard.Library (>= 1.6.1)
      System.ComponentModel.TypeConverter (>= 4.3)
      System.Runtime.Serialization.Formatters (>= 4.3)
      System.Runtime.Serialization.Primitives (>= 4.3)
      System.Xml.XmlDocument (>= 4.3)
    runtime.debian.8-x64.runtime.native.System.Security.Cryptography.OpenSsl (4.3.1)
    runtime.fedora.23-x64.runtime.native.System.Security.Cryptography.OpenSsl (4.3.1)
    runtime.fedora.24-x64.runtime.native.System.Security.Cryptography.OpenSsl (4.3.1)
    runtime.native.System.Security.Cryptography.OpenSsl (4.3.1)
      runtime.debian.8-x64.runtime.native.System.Security.Cryptography.OpenSsl (>= 4.3.1)
      runtime.fedora.23-x64.runtime.native.System.Security.Cryptography.OpenSsl (>= 4.3.1)
      runtime.fedora.24-x64.runtime.native.System.Security.Cryptography.OpenSsl (>= 4.3.1)
      runtime.opensuse.13.2-x64.runtime.native.System.Security.Cryptography.OpenSsl (>= 4.3.1)
      runtime.opensuse.42.1-x64.runtime.native.System.Security.Cryptography.OpenSsl (>= 4.3.1)
      runtime.osx.10.10-x64.runtime.native.System.Security.Cryptography.OpenSsl (>= 4.3.1)
      runtime.rhel.7-x64.runtime.native.System.Security.Cryptography.OpenSsl (>= 4.3.1)
      runtime.ubuntu.14.04-x64.runtime.native.System.Security.Cryptography.OpenSsl (>= 4.3.1)
      runtime.ubuntu.16.04-x64.runtime.native.System.Security.Cryptography.OpenSsl (>= 4.3.1)
      runtime.ubuntu.16.10-x64.runtime.native.System.Security.Cryptography.OpenSsl (>= 4.3.1)
    runtime.opensuse.13.2-x64.runtime.native.System.Security.Cryptography.OpenSsl (4.3.1)
    runtime.opensuse.42.1-x64.runtime.native.System.Security.Cryptography.OpenSsl (4.3.1)
    runtime.osx.10.10-x64.runtime.native.System.Security.Cryptography.OpenSsl (4.3.1)
    runtime.rhel.7-x64.runtime.native.System.Security.Cryptography.OpenSsl (4.3.1)
    runtime.ubuntu.14.04-x64.runtime.native.System.Security.Cryptography.OpenSsl (4.3.1)
    runtime.ubuntu.16.04-x64.runtime.native.System.Security.Cryptography.OpenSsl (4.3.1)
    runtime.ubuntu.16.10-x64.runtime.native.System.Security.Cryptography.OpenSsl (4.3.1)
    System.Diagnostics.DiagnosticSource (4.3.1)
      System.Collections (>= 4.3)
      System.Diagnostics.Tracing (>= 4.3)
      System.Reflection (>= 4.3)
      System.Runtime (>= 4.3)
      System.Threading (>= 4.3)
    System.IdentityModel.Tokens.Jwt (5.1.3)
      Microsoft.IdentityModel.Tokens (>= 5.1.3) - framework: >= net451, netstandard16
    System.Net.Http (4.3.2)
      Microsoft.NETCore.Platforms (>= 1.1)
      runtime.native.System (>= 4.3)
      runtime.native.System.Net.Http (>= 4.3)
      runtime.native.System.Security.Cryptography.OpenSsl (>= 4.3)
      System.Collections (>= 4.3)
      System.Diagnostics.Debug (>= 4.3)
      System.Diagnostics.DiagnosticSource (>= 4.3)
      System.Diagnostics.Tracing (>= 4.3)
      System.Globalization (>= 4.3)
      System.Globalization.Extensions (>= 4.3)
      System.IO (>= 4.3)
      System.IO.FileSystem (>= 4.3)
      System.Net.Primitives (>= 4.3)
      System.Resources.ResourceManager (>= 4.3)
      System.Runtime (>= 4.3)
      System.Runtime.Extensions (>= 4.3)
      System.Runtime.Handles (>= 4.3)
      System.Runtime.InteropServices (>= 4.3)
      System.Security.Cryptography.Algorithms (>= 4.3)
      System.Security.Cryptography.Encoding (>= 4.3)
      System.Security.Cryptography.OpenSsl (>= 4.3)
      System.Security.Cryptography.Primitives (>= 4.3)
      System.Security.Cryptography.X509Certificates (>= 4.3) - framework: >= net46, netstandard16
      System.Text.Encoding (>= 4.3)
      System.Threading (>= 4.3)
      System.Threading.Tasks (>= 4.3)
    System.Text.Encodings.Web (4.3.1)
      System.Diagnostics.Debug (>= 4.3)
      System.IO (>= 4.3)
      System.Reflection (>= 4.3)
      System.Resources.ResourceManager (>= 4.3)
      System.Runtime (>= 4.3)
      System.Runtime.Extensions (>= 4.3)
      System.Threading (>= 4.3)
    System.ValueTuple (4.3)
      System.Collections (>= 4.3)
      System.Resources.ResourceManager (>= 4.3)
      System.Runtime (>= 4.3)
  remote: https://dotnet.myget.org/F/dotnet-core
    Microsoft.CSharp (4.3.0)
      System.Collections (>= 4.3)
      System.Diagnostics.Debug (>= 4.3)
      System.Dynamic.Runtime (>= 4.3)
      System.Globalization (>= 4.3)
      System.Linq (>= 4.3)
      System.Linq.Expressions (>= 4.3)
      System.ObjectModel (>= 4.3)
      System.Reflection (>= 4.3)
      System.Reflection.Extensions (>= 4.3)
      System.Reflection.Primitives (>= 4.3)
      System.Reflection.TypeExtensions (>= 4.3)
      System.Resources.ResourceManager (>= 4.3)
      System.Runtime (>= 4.3)
      System.Runtime.Extensions (>= 4.3)
      System.Runtime.InteropServices (>= 4.3)
      System.Threading (>= 4.3)
    Microsoft.NETCore.Platforms (1.1.0)
    Microsoft.NETCore.Targets (1.1.0)
    Microsoft.Win32.Primitives (4.3.0)
      Microsoft.NETCore.Platforms (>= 1.1)
      Microsoft.NETCore.Targets (>= 1.1)
      System.Runtime (>= 4.3)
    Microsoft.Win32.Registry (4.3.0)
      Microsoft.NETCore.Platforms (>= 1.1)
      System.Collections (>= 4.3)
      System.Globalization (>= 4.3)
      System.Resources.ResourceManager (>= 4.3)
      System.Runtime (>= 4.3)
      System.Runtime.Extensions (>= 4.3)
      System.Runtime.Handles (>= 4.3)
      System.Runtime.InteropServices (>= 4.3)
    NETStandard.Library (1.6.1)
      Microsoft.NETCore.Platforms (>= 1.1)
      Microsoft.Win32.Primitives (>= 4.3) - framework: >= net46, netstandard16
      System.AppContext (>= 4.3) - framework: >= net46, netstandard16
      System.Collections (>= 4.3)
      System.Collections.Concurrent (>= 4.3) - framework: >= net45, netstandard16
      System.Console (>= 4.3) - framework: >= net46, netstandard16
      System.Diagnostics.Debug (>= 4.3)
      System.Diagnostics.Tools (>= 4.3)
      System.Diagnostics.Tracing (>= 4.3) - framework: >= net45, netstandard16
      System.Globalization (>= 4.3)
      System.Globalization.Calendars (>= 4.3) - framework: >= net46, netstandard16
      System.IO (>= 4.3)
      System.IO.Compression (>= 4.3) - framework: >= net45, netstandard16
      System.IO.Compression.ZipFile (>= 4.3) - framework: >= net46, netstandard16
      System.IO.FileSystem (>= 4.3) - framework: >= net46, netstandard16
      System.IO.FileSystem.Primitives (>= 4.3) - framework: >= net46, netstandard16
      System.Linq (>= 4.3)
      System.Linq.Expressions (>= 4.3)
      System.Net.Http (>= 4.3) - framework: >= net45, netstandard16
      System.Net.Primitives (>= 4.3)
      System.Net.Sockets (>= 4.3) - framework: >= net46, netstandard16
      System.ObjectModel (>= 4.3)
      System.Reflection (>= 4.3)
      System.Reflection.Extensions (>= 4.3)
      System.Reflection.Primitives (>= 4.3)
      System.Resources.ResourceManager (>= 4.3)
      System.Runtime (>= 4.3)
      System.Runtime.Extensions (>= 4.3)
      System.Runtime.Handles (>= 4.3) - framework: >= net46, netstandard16
      System.Runtime.InteropServices (>= 4.3) - framework: >= net45, netstandard16
      System.Runtime.InteropServices.RuntimeInformation (>= 4.3) - framework: >= net45, netstandard16
      System.Runtime.Numerics (>= 4.3) - framework: >= net45, netstandard16
      System.Security.Cryptography.Algorithms (>= 4.3) - framework: >= net46, netstandard16
      System.Security.Cryptography.Encoding (>= 4.3) - framework: >= net46, netstandard16
      System.Security.Cryptography.Primitives (>= 4.3) - framework: >= net46, netstandard16
      System.Security.Cryptography.X509Certificates (>= 4.3) - framework: >= net46, netstandard16
      System.Text.Encoding (>= 4.3)
      System.Text.Encoding.Extensions (>= 4.3)
      System.Text.RegularExpressions (>= 4.3)
      System.Threading (>= 4.3)
      System.Threading.Tasks (>= 4.3)
      System.Threading.Timer (>= 4.3) - framework: >= net451, netstandard16
      System.Xml.ReaderWriter (>= 4.3)
      System.Xml.XDocument (>= 4.3)
    runtime.native.System (4.3.0)
      Microsoft.NETCore.Platforms (>= 1.1)
      Microsoft.NETCore.Targets (>= 1.1)
    runtime.native.System.IO.Compression (4.3.0)
      Microsoft.NETCore.Platforms (>= 1.1)
      Microsoft.NETCore.Targets (>= 1.1)
    runtime.native.System.Net.Http (4.3.0)
      Microsoft.NETCore.Platforms (>= 1.1)
      Microsoft.NETCore.Targets (>= 1.1)
    runtime.native.System.Security.Cryptography.Apple (4.3.0)
      runtime.osx.10.10-x64.runtime.native.System.Security.Cryptography.Apple (>= 4.3)
    runtime.osx.10.10-x64.runtime.native.System.Security.Cryptography.Apple (4.3.0)
    System.AppContext (4.3.0)
      System.Runtime (>= 4.3)
    System.Buffers (4.3.0)
      System.Diagnostics.Debug (>= 4.3)
      System.Diagnostics.Tracing (>= 4.3)
      System.Resources.ResourceManager (>= 4.3)
      System.Runtime (>= 4.3)
      System.Threading (>= 4.3)
    System.Collections (4.3.0)
      Microsoft.NETCore.Platforms (>= 1.1)
      Microsoft.NETCore.Targets (>= 1.1)
      System.Runtime (>= 4.3)
    System.Collections.Concurrent (4.3.0)
      System.Collections (>= 4.3)
      System.Diagnostics.Debug (>= 4.3)
      System.Diagnostics.Tracing (>= 4.3)
      System.Globalization (>= 4.3)
      System.Reflection (>= 4.3)
      System.Resources.ResourceManager (>= 4.3)
      System.Runtime (>= 4.3)
      System.Runtime.Extensions (>= 4.3)
      System.Threading (>= 4.3)
      System.Threading.Tasks (>= 4.3)
    System.Collections.Immutable (1.3.1)
      System.Collections (>= 4.3)
      System.Diagnostics.Debug (>= 4.3)
      System.Globalization (>= 4.3)
      System.Linq (>= 4.3)
      System.Resources.ResourceManager (>= 4.3)
      System.Runtime (>= 4.3)
      System.Runtime.Extensions (>= 4.3)
      System.Threading (>= 4.3)
    System.Collections.NonGeneric (4.3.0)
      System.Diagnostics.Debug (>= 4.3)
      System.Globalization (>= 4.3)
      System.Resources.ResourceManager (>= 4.3)
      System.Runtime (>= 4.3)
      System.Runtime.Extensions (>= 4.3)
      System.Threading (>= 4.3)
    System.Collections.Specialized (4.3.0)
      System.Collections.NonGeneric (>= 4.3)
      System.Globalization (>= 4.3)
      System.Globalization.Extensions (>= 4.3)
      System.Resources.ResourceManager (>= 4.3)
      System.Runtime (>= 4.3)
      System.Runtime.Extensions (>= 4.3)
      System.Threading (>= 4.3)
    System.ComponentModel (4.3.0)
      System.Runtime (>= 4.3)
    System.ComponentModel.Primitives (4.3.0)
      System.ComponentModel (>= 4.3)
      System.Resources.ResourceManager (>= 4.3)
      System.Runtime (>= 4.3)
    System.ComponentModel.TypeConverter (4.3.0)
      System.Collections (>= 4.3)
      System.Collections.NonGeneric (>= 4.3) - framework: >= net462, netstandard16
      System.Collections.Specialized (>= 4.3)
      System.ComponentModel (>= 4.3)
      System.ComponentModel.Primitives (>= 4.3) - framework: net45, >= net462, netstandard16
      System.Globalization (>= 4.3)
      System.Linq (>= 4.3)
      System.Reflection (>= 4.3)
      System.Reflection.Extensions (>= 4.3)
      System.Reflection.Primitives (>= 4.3)
      System.Reflection.TypeExtensions (>= 4.3)
      System.Resources.ResourceManager (>= 4.3)
      System.Runtime (>= 4.3)
      System.Runtime.Extensions (>= 4.3)
      System.Threading (>= 4.3)
    System.Console (4.3.0) - redirects: force
      Microsoft.NETCore.Platforms (>= 1.1)
      Microsoft.NETCore.Targets (>= 1.1)
      System.IO (>= 4.3)
      System.Runtime (>= 4.3)
      System.Text.Encoding (>= 4.3)
    System.Diagnostics.Contracts (4.3.0)
      System.Runtime (>= 4.3)
    System.Diagnostics.Debug (4.3.0) - redirects: force
      Microsoft.NETCore.Platforms (>= 1.1)
      Microsoft.NETCore.Targets (>= 1.1)
      System.Runtime (>= 4.3)
    System.Diagnostics.StackTrace (4.3.0)
      System.IO.FileSystem (>= 4.3)
      System.Reflection (>= 4.3)
      System.Reflection.Metadata (>= 1.4.1)
      System.Runtime (>= 4.3)
    System.Diagnostics.Tools (4.3.0) - redirects: force
      Microsoft.NETCore.Platforms (>= 1.1)
      Microsoft.NETCore.Targets (>= 1.1)
      System.Runtime (>= 4.3)
    System.Diagnostics.Tracing (4.3.0)
      Microsoft.NETCore.Platforms (>= 1.1)
      Microsoft.NETCore.Targets (>= 1.1)
      System.Runtime (>= 4.3)
    System.Dynamic.Runtime (4.3.0)
      System.Collections (>= 4.3)
      System.Diagnostics.Debug (>= 4.3)
      System.Linq (>= 4.3)
      System.Linq.Expressions (>= 4.3)
      System.ObjectModel (>= 4.3)
      System.Reflection (>= 4.3)
      System.Reflection.Emit (>= 4.3)
      System.Reflection.Emit.ILGeneration (>= 4.3)
      System.Reflection.Primitives (>= 4.3)
      System.Reflection.TypeExtensions (>= 4.3)
      System.Resources.ResourceManager (>= 4.3)
      System.Runtime (>= 4.3)
      System.Runtime.Extensions (>= 4.3)
      System.Threading (>= 4.3)
    System.Globalization (4.3.0) - redirects: force
      Microsoft.NETCore.Platforms (>= 1.1)
      Microsoft.NETCore.Targets (>= 1.1)
      System.Runtime (>= 4.3)
    System.Globalization.Calendars (4.3.0)
      Microsoft.NETCore.Platforms (>= 1.1)
      Microsoft.NETCore.Targets (>= 1.1)
      System.Globalization (>= 4.3)
      System.Runtime (>= 4.3)
    System.Globalization.Extensions (4.3.0)
      Microsoft.NETCore.Platforms (>= 1.1)
      System.Globalization (>= 4.3)
      System.Resources.ResourceManager (>= 4.3)
      System.Runtime (>= 4.3)
      System.Runtime.Extensions (>= 4.3)
      System.Runtime.InteropServices (>= 4.3)
    System.IO (4.3.0) - redirects: force
      Microsoft.NETCore.Platforms (>= 1.1)
      Microsoft.NETCore.Targets (>= 1.1)
      System.Runtime (>= 4.3)
      System.Text.Encoding (>= 4.3)
      System.Threading.Tasks (>= 4.3)
    System.IO.Compression (4.3.0)
      Microsoft.NETCore.Platforms (>= 1.1)
      runtime.native.System (>= 4.3)
      runtime.native.System.IO.Compression (>= 4.3)
      System.Buffers (>= 4.3)
      System.Collections (>= 4.3)
      System.Diagnostics.Debug (>= 4.3)
      System.IO (>= 4.3)
      System.Resources.ResourceManager (>= 4.3)
      System.Runtime (>= 4.3)
      System.Runtime.Extensions (>= 4.3)
      System.Runtime.Handles (>= 4.3)
      System.Runtime.InteropServices (>= 4.3)
      System.Text.Encoding (>= 4.3)
      System.Threading (>= 4.3)
      System.Threading.Tasks (>= 4.3)
    System.IO.Compression.ZipFile (4.3.0)
      System.Buffers (>= 4.3)
      System.IO (>= 4.3)
      System.IO.Compression (>= 4.3)
      System.IO.FileSystem (>= 4.3)
      System.IO.FileSystem.Primitives (>= 4.3)
      System.Resources.ResourceManager (>= 4.3)
      System.Runtime (>= 4.3)
      System.Runtime.Extensions (>= 4.3)
      System.Text.Encoding (>= 4.3)
    System.IO.FileSystem (4.3.0)
      Microsoft.NETCore.Platforms (>= 1.1)
      Microsoft.NETCore.Targets (>= 1.1)
      System.IO (>= 4.3)
      System.IO.FileSystem.Primitives (>= 4.3) - framework: >= net46, netstandard16
      System.Runtime (>= 4.3)
      System.Runtime.Handles (>= 4.3)
      System.Text.Encoding (>= 4.3)
      System.Threading.Tasks (>= 4.3)
    System.IO.FileSystem.Primitives (4.3.0)
      System.Runtime (>= 4.3)
    System.IO.FileSystem.Watcher (4.3.0)
      Microsoft.NETCore.Platforms (>= 1.1)
      Microsoft.Win32.Primitives (>= 4.3)
      runtime.native.System (>= 4.3)
      System.Collections (>= 4.3)
      System.IO.FileSystem (>= 4.3)
      System.IO.FileSystem.Primitives (>= 4.3)
      System.Resources.ResourceManager (>= 4.3)
      System.Runtime (>= 4.3)
      System.Runtime.Extensions (>= 4.3)
      System.Runtime.Handles (>= 4.3)
      System.Runtime.InteropServices (>= 4.3)
      System.Text.Encoding (>= 4.3)
      System.Threading (>= 4.3)
      System.Threading.Overlapped (>= 4.3)
      System.Threading.Tasks (>= 4.3)
      System.Threading.Thread (>= 4.3)
    System.Linq (4.3.0) - redirects: force
      System.Collections (>= 4.3)
      System.Diagnostics.Debug (>= 4.3)
      System.Resources.ResourceManager (>= 4.3)
      System.Runtime (>= 4.3)
      System.Runtime.Extensions (>= 4.3)
    System.Linq.Expressions (4.3.0) - redirects: force
      System.Collections (>= 4.3)
      System.Diagnostics.Debug (>= 4.3)
      System.Globalization (>= 4.3)
      System.IO (>= 4.3)
      System.Linq (>= 4.3)
      System.ObjectModel (>= 4.3)
      System.Reflection (>= 4.3)
      System.Reflection.Emit (>= 4.3)
      System.Reflection.Emit.ILGeneration (>= 4.3)
      System.Reflection.Emit.Lightweight (>= 4.3)
      System.Reflection.Extensions (>= 4.3)
      System.Reflection.Primitives (>= 4.3)
      System.Reflection.TypeExtensions (>= 4.3)
      System.Resources.ResourceManager (>= 4.3)
      System.Runtime (>= 4.3)
      System.Runtime.Extensions (>= 4.3)
      System.Threading (>= 4.3)
    System.Linq.Queryable (4.3.0) - redirects: force
      System.Collections (>= 4.3)
      System.Diagnostics.Debug (>= 4.3)
      System.Linq (>= 4.3)
      System.Linq.Expressions (>= 4.3)
      System.Reflection (>= 4.3)
      System.Reflection.Extensions (>= 4.3)
      System.Resources.ResourceManager (>= 4.3)
      System.Runtime (>= 4.3)
    System.Net.Primitives (4.3.0)
      Microsoft.NETCore.Platforms (>= 1.1)
      Microsoft.NETCore.Targets (>= 1.1)
      System.Runtime (>= 4.3)
      System.Runtime.Handles (>= 4.3)
    System.Net.Requests (4.3.0) - redirects: force
      Microsoft.NETCore.Platforms (>= 1.1)
      System.Collections (>= 4.3)
      System.Diagnostics.Debug (>= 4.3)
      System.Diagnostics.Tracing (>= 4.3)
      System.Globalization (>= 4.3)
      System.IO (>= 4.3)
      System.Net.Http (>= 4.3)
      System.Net.Primitives (>= 4.3)
      System.Net.WebHeaderCollection (>= 4.3)
      System.Resources.ResourceManager (>= 4.3)
      System.Runtime (>= 4.3)
      System.Threading (>= 4.3)
      System.Threading.Tasks (>= 4.3)
    System.Net.Sockets (4.3.0)
      Microsoft.NETCore.Platforms (>= 1.1)
      Microsoft.NETCore.Targets (>= 1.1)
      System.IO (>= 4.3)
      System.Net.Primitives (>= 4.3)
      System.Runtime (>= 4.3)
      System.Threading.Tasks (>= 4.3)
    System.Net.WebHeaderCollection (4.3.0) - redirects: force
      System.Collections (>= 4.3)
      System.Resources.ResourceManager (>= 4.3)
      System.Runtime (>= 4.3)
      System.Runtime.Extensions (>= 4.3)
    System.Net.WebSockets (4.3.0)
      Microsoft.Win32.Primitives (>= 4.3)
      System.Resources.ResourceManager (>= 4.3)
      System.Runtime (>= 4.3)
      System.Threading.Tasks (>= 4.3)
    System.Numerics.Vectors (4.3.0)
      System.Globalization (>= 4.3)
      System.Resources.ResourceManager (>= 4.3)
      System.Runtime (>= 4.3)
      System.Runtime.Extensions (>= 4.3)
    System.ObjectModel (4.3.0)
      System.Collections (>= 4.3)
      System.Diagnostics.Debug (>= 4.3)
      System.Resources.ResourceManager (>= 4.3)
      System.Runtime (>= 4.3)
      System.Threading (>= 4.3)
    System.Reflection (4.3.0) - redirects: force
      Microsoft.NETCore.Platforms (>= 1.1)
      Microsoft.NETCore.Targets (>= 1.1)
      System.IO (>= 4.3)
      System.Reflection.Primitives (>= 4.3)
      System.Runtime (>= 4.3)
    System.Reflection.Emit (4.3.0) - redirects: force
      System.IO (>= 4.3)
      System.Reflection (>= 4.3)
      System.Reflection.Emit.ILGeneration (>= 4.3)
      System.Reflection.Primitives (>= 4.3)
      System.Runtime (>= 4.3)
    System.Reflection.Emit.ILGeneration (4.3.0) - redirects: force
      System.Reflection (>= 4.3)
      System.Reflection.Primitives (>= 4.3)
      System.Runtime (>= 4.3)
    System.Reflection.Emit.Lightweight (4.3.0) - redirects: force
      System.Reflection (>= 4.3)
      System.Reflection.Emit.ILGeneration (>= 4.3)
      System.Reflection.Primitives (>= 4.3)
      System.Runtime (>= 4.3)
    System.Reflection.Extensions (4.3.0) - redirects: force
      Microsoft.NETCore.Platforms (>= 1.1)
      Microsoft.NETCore.Targets (>= 1.1)
      System.Reflection (>= 4.3)
      System.Runtime (>= 4.3)
    System.Reflection.Metadata (1.4.2)
      System.Collections (>= 4.3)
      System.Collections.Immutable (>= 1.3.1) - framework: >= net45, netstandard16
      System.Diagnostics.Debug (>= 4.3)
      System.IO (>= 4.3)
      System.IO.Compression (>= 4.3)
      System.Linq (>= 4.3)
      System.Reflection (>= 4.3)
      System.Reflection.Extensions (>= 4.3)
      System.Reflection.Primitives (>= 4.3)
      System.Resources.ResourceManager (>= 4.3)
      System.Runtime (>= 4.3)
      System.Runtime.Extensions (>= 4.3)
      System.Runtime.InteropServices (>= 4.3)
      System.Text.Encoding (>= 4.3)
      System.Text.Encoding.Extensions (>= 4.3)
      System.Threading (>= 4.3)
    System.Reflection.Primitives (4.3.0)
      Microsoft.NETCore.Platforms (>= 1.1)
      Microsoft.NETCore.Targets (>= 1.1)
      System.Runtime (>= 4.3)
    System.Reflection.TypeExtensions (4.3.0)
      System.Reflection (>= 4.3) - framework: >= net462, netstandard16
      System.Runtime (>= 4.3)
    System.Resources.ResourceManager (4.3.0)
      Microsoft.NETCore.Platforms (>= 1.1)
      Microsoft.NETCore.Targets (>= 1.1)
      System.Globalization (>= 4.3)
      System.Reflection (>= 4.3)
      System.Runtime (>= 4.3)
    System.Runtime (4.3.0)
      Microsoft.NETCore.Platforms (>= 1.1)
      Microsoft.NETCore.Targets (>= 1.1)
    System.Runtime.CompilerServices.Unsafe (4.3.0)
      System.Runtime (>= 4.3)
    System.Runtime.Extensions (4.3.0) - redirects: force
      Microsoft.NETCore.Platforms (>= 1.1)
      Microsoft.NETCore.Targets (>= 1.1)
      System.Runtime (>= 4.3)
    System.Runtime.Handles (4.3.0)
      Microsoft.NETCore.Platforms (>= 1.1)
      Microsoft.NETCore.Targets (>= 1.1)
      System.Runtime (>= 4.3)
    System.Runtime.InteropServices (4.3.0)
      Microsoft.NETCore.Platforms (>= 1.1)
      Microsoft.NETCore.Targets (>= 1.1)
      System.Reflection (>= 4.3)
      System.Reflection.Primitives (>= 4.3)
      System.Runtime (>= 4.3) - framework: >= net462, netstandard16
      System.Runtime.Handles (>= 4.3)
    System.Runtime.InteropServices.RuntimeInformation (4.3.0)
      runtime.native.System (>= 4.3)
      System.Reflection (>= 4.3)
      System.Reflection.Extensions (>= 4.3)
      System.Resources.ResourceManager (>= 4.3)
      System.Runtime (>= 4.3)
      System.Runtime.InteropServices (>= 4.3)
      System.Threading (>= 4.3)
    System.Runtime.Loader (4.3.0)
      System.IO (>= 4.3)
      System.Reflection (>= 4.3)
      System.Runtime (>= 4.3)
    System.Runtime.Numerics (4.3.0) - redirects: force
      System.Globalization (>= 4.3)
      System.Resources.ResourceManager (>= 4.3)
      System.Runtime (>= 4.3)
      System.Runtime.Extensions (>= 4.3)
    System.Runtime.Serialization.Formatters (4.3.0)
      System.Collections (>= 4.3)
      System.Reflection (>= 4.3)
      System.Resources.ResourceManager (>= 4.3)
      System.Runtime (>= 4.3)
      System.Runtime.Serialization.Primitives (>= 4.3) - framework: >= net46, netstandard16
    System.Runtime.Serialization.Primitives (4.3.0)
      System.Resources.ResourceManager (>= 4.3)
      System.Runtime (>= 4.3)
    System.Security.Claims (4.3.0)
      System.Collections (>= 4.3)
      System.Globalization (>= 4.3)
      System.IO (>= 4.3)
      System.Resources.ResourceManager (>= 4.3)
      System.Runtime (>= 4.3)
      System.Runtime.Extensions (>= 4.3)
      System.Security.Principal (>= 4.3)
    System.Security.Cryptography.Algorithms (4.3.0)
      Microsoft.NETCore.Platforms (>= 1.1)
      runtime.native.System.Security.Cryptography.Apple (>= 4.3)
      runtime.native.System.Security.Cryptography.OpenSsl (>= 4.3)
      System.Collections (>= 4.3)
      System.IO (>= 4.3) - framework: >= net463, netstandard16
      System.Resources.ResourceManager (>= 4.3)
      System.Runtime (>= 4.3) - framework: >= net463, netstandard16
      System.Runtime.Extensions (>= 4.3)
      System.Runtime.Handles (>= 4.3)
      System.Runtime.InteropServices (>= 4.3)
      System.Runtime.Numerics (>= 4.3)
      System.Security.Cryptography.Encoding (>= 4.3) - framework: >= net463, netstandard16
      System.Security.Cryptography.Primitives (>= 4.3) - framework: net46, net461, >= net463, netstandard16
      System.Text.Encoding (>= 4.3)
    System.Security.Cryptography.Cng (4.3.0)
      Microsoft.NETCore.Platforms (>= 1.1)
      System.IO (>= 4.3)
      System.Resources.ResourceManager (>= 4.3)
      System.Runtime (>= 4.3)
      System.Runtime.Extensions (>= 4.3)
      System.Runtime.Handles (>= 4.3)
      System.Runtime.InteropServices (>= 4.3)
      System.Security.Cryptography.Algorithms (>= 4.3) - framework: net46, net461, >= net463, netstandard16
      System.Security.Cryptography.Encoding (>= 4.3)
      System.Security.Cryptography.Primitives (>= 4.3) - framework: net46, net461, >= net463, netstandard16
      System.Text.Encoding (>= 4.3)
    System.Security.Cryptography.Csp (4.3.0)
      Microsoft.NETCore.Platforms (>= 1.1)
      System.IO (>= 4.3)
      System.Reflection (>= 4.3)
      System.Resources.ResourceManager (>= 4.3)
      System.Runtime (>= 4.3)
      System.Runtime.Extensions (>= 4.3)
      System.Runtime.Handles (>= 4.3)
      System.Runtime.InteropServices (>= 4.3)
      System.Security.Cryptography.Algorithms (>= 4.3) - framework: >= net46, netstandard16
      System.Security.Cryptography.Encoding (>= 4.3)
      System.Security.Cryptography.Primitives (>= 4.3) - framework: >= net46, netstandard16
      System.Text.Encoding (>= 4.3)
      System.Threading (>= 4.3)
    System.Security.Cryptography.Encoding (4.3.0)
      Microsoft.NETCore.Platforms (>= 1.1)
      runtime.native.System.Security.Cryptography.OpenSsl (>= 4.3)
      System.Collections (>= 4.3)
      System.Collections.Concurrent (>= 4.3)
      System.Linq (>= 4.3)
      System.Resources.ResourceManager (>= 4.3)
      System.Runtime (>= 4.3)
      System.Runtime.Extensions (>= 4.3)
      System.Runtime.Handles (>= 4.3)
      System.Runtime.InteropServices (>= 4.3)
      System.Security.Cryptography.Primitives (>= 4.3)
      System.Text.Encoding (>= 4.3)
    System.Security.Cryptography.OpenSsl (4.3.0)
      runtime.native.System.Security.Cryptography.OpenSsl (>= 4.3) - framework: >= net463, netstandard16
      System.Collections (>= 4.3)
      System.IO (>= 4.3) - framework: >= net463, netstandard16
      System.Resources.ResourceManager (>= 4.3)
      System.Runtime (>= 4.3) - framework: >= net463, netstandard16
      System.Runtime.Extensions (>= 4.3) - framework: >= net463, netstandard16
      System.Runtime.Handles (>= 4.3)
      System.Runtime.InteropServices (>= 4.3)
      System.Runtime.Numerics (>= 4.3)
      System.Security.Cryptography.Algorithms (>= 4.3) - framework: >= net463, netstandard16
      System.Security.Cryptography.Encoding (>= 4.3) - framework: >= net463, netstandard16
      System.Security.Cryptography.Primitives (>= 4.3) - framework: >= net463, netstandard16
      System.Text.Encoding (>= 4.3)
    System.Security.Cryptography.Primitives (4.3.0)
      System.Diagnostics.Debug (>= 4.3)
      System.Globalization (>= 4.3)
      System.IO (>= 4.3)
      System.Resources.ResourceManager (>= 4.3)
      System.Runtime (>= 4.3)
      System.Threading (>= 4.3)
      System.Threading.Tasks (>= 4.3)
    System.Security.Cryptography.X509Certificates (4.3.0)
      Microsoft.NETCore.Platforms (>= 1.1)
      runtime.native.System (>= 4.3)
      runtime.native.System.Net.Http (>= 4.3)
      runtime.native.System.Security.Cryptography.OpenSsl (>= 4.3)
      System.Collections (>= 4.3)
      System.Diagnostics.Debug (>= 4.3)
      System.Globalization (>= 4.3)
      System.Globalization.Calendars (>= 4.3)
      System.IO (>= 4.3)
      System.IO.FileSystem (>= 4.3)
      System.IO.FileSystem.Primitives (>= 4.3)
      System.Resources.ResourceManager (>= 4.3)
      System.Runtime (>= 4.3)
      System.Runtime.Extensions (>= 4.3)
      System.Runtime.Handles (>= 4.3)
      System.Runtime.InteropServices (>= 4.3)
      System.Runtime.Numerics (>= 4.3)
      System.Security.Cryptography.Algorithms (>= 4.3) - framework: >= net46, netstandard16
      System.Security.Cryptography.Cng (>= 4.3)
      System.Security.Cryptography.Csp (>= 4.3)
      System.Security.Cryptography.Encoding (>= 4.3) - framework: >= net46, netstandard16
      System.Security.Cryptography.OpenSsl (>= 4.3)
      System.Security.Cryptography.Primitives (>= 4.3)
      System.Text.Encoding (>= 4.3)
      System.Threading (>= 4.3)
    System.Security.Principal (4.3.0)
      System.Runtime (>= 4.3)
    System.Security.Principal.Windows (4.3.0)
      Microsoft.NETCore.Platforms (>= 1.1)
      Microsoft.Win32.Primitives (>= 4.3)
      System.Collections (>= 4.3)
      System.Diagnostics.Debug (>= 4.3)
      System.Reflection (>= 4.3)
      System.Resources.ResourceManager (>= 4.3)
      System.Runtime (>= 4.3)
      System.Runtime.Extensions (>= 4.3)
      System.Runtime.Handles (>= 4.3)
      System.Runtime.InteropServices (>= 4.3)
      System.Security.Claims (>= 4.3) - framework: >= net46, netstandard16
      System.Security.Principal (>= 4.3)
      System.Text.Encoding (>= 4.3)
      System.Threading (>= 4.3)
    System.Text.Encoding (4.3.0)
      Microsoft.NETCore.Platforms (>= 1.1)
      Microsoft.NETCore.Targets (>= 1.1)
      System.Runtime (>= 4.3)
    System.Text.Encoding.Extensions (4.3.0)
      Microsoft.NETCore.Platforms (>= 1.1)
      Microsoft.NETCore.Targets (>= 1.1)
      System.Runtime (>= 4.3)
      System.Text.Encoding (>= 4.3)
    System.Text.RegularExpressions (4.3.0) - redirects: force
      System.Collections (>= 4.3)
      System.Globalization (>= 4.3)
      System.Resources.ResourceManager (>= 4.3)
      System.Runtime (>= 4.3)
      System.Runtime.Extensions (>= 4.3)
      System.Threading (>= 4.3)
    System.Threading (4.3.0) - redirects: force
      System.Runtime (>= 4.3)
      System.Threading.Tasks (>= 4.3)
    System.Threading.Overlapped (4.3.0)
      Microsoft.NETCore.Platforms (>= 1.1)
      System.Resources.ResourceManager (>= 4.3)
      System.Runtime (>= 4.3)
      System.Runtime.Handles (>= 4.3)
    System.Threading.Tasks (4.3.0) - redirects: force
      Microsoft.NETCore.Platforms (>= 1.1)
      Microsoft.NETCore.Targets (>= 1.1)
      System.Runtime (>= 4.3)
    System.Threading.Tasks.Extensions (4.3.0)
      System.Collections (>= 4.3)
      System.Runtime (>= 4.3)
      System.Threading.Tasks (>= 4.3)
    System.Threading.Tasks.Parallel (4.3.0) - redirects: force
      System.Collections.Concurrent (>= 4.3)
      System.Diagnostics.Debug (>= 4.3)
      System.Diagnostics.Tracing (>= 4.3)
      System.Resources.ResourceManager (>= 4.3)
      System.Runtime (>= 4.3)
      System.Runtime.Extensions (>= 4.3)
      System.Threading (>= 4.3)
      System.Threading.Tasks (>= 4.3)
    System.Threading.Thread (4.3.0)
      System.Runtime (>= 4.3)
    System.Threading.ThreadPool (4.3.0)
      System.Runtime (>= 4.3)
      System.Runtime.Handles (>= 4.3)
    System.Threading.Timer (4.3.0) - redirects: force
      Microsoft.NETCore.Platforms (>= 1.1)
      Microsoft.NETCore.Targets (>= 1.1)
      System.Runtime (>= 4.3)
    System.Xml.ReaderWriter (4.3.0)
      System.Collections (>= 4.3)
      System.Diagnostics.Debug (>= 4.3)
      System.Globalization (>= 4.3)
      System.IO (>= 4.3)
      System.IO.FileSystem (>= 4.3)
      System.IO.FileSystem.Primitives (>= 4.3)
      System.Resources.ResourceManager (>= 4.3)
      System.Runtime (>= 4.3)
      System.Runtime.Extensions (>= 4.3)
      System.Runtime.InteropServices (>= 4.3)
      System.Text.Encoding (>= 4.3)
      System.Text.Encoding.Extensions (>= 4.3)
      System.Text.RegularExpressions (>= 4.3)
      System.Threading.Tasks (>= 4.3)
      System.Threading.Tasks.Extensions (>= 4.3)
    System.Xml.XDocument (4.3.0)
      System.Collections (>= 4.3)
      System.Diagnostics.Debug (>= 4.3)
      System.Diagnostics.Tools (>= 4.3)
      System.Globalization (>= 4.3)
      System.IO (>= 4.3)
      System.Reflection (>= 4.3)
      System.Resources.ResourceManager (>= 4.3)
      System.Runtime (>= 4.3)
      System.Runtime.Extensions (>= 4.3)
      System.Text.Encoding (>= 4.3)
      System.Threading (>= 4.3)
      System.Xml.ReaderWriter (>= 4.3)
    System.Xml.XmlDocument (4.3.0)
      System.Collections (>= 4.3)
      System.Diagnostics.Debug (>= 4.3)
      System.Globalization (>= 4.3)
      System.IO (>= 4.3)
      System.Resources.ResourceManager (>= 4.3)
      System.Runtime (>= 4.3)
      System.Runtime.Extensions (>= 4.3)
      System.Text.Encoding (>= 4.3)
      System.Threading (>= 4.3)
      System.Xml.ReaderWriter (>= 4.3)

GROUP Build
FRAMEWORK: NETSTANDARD16
NUGET
  remote: https://www.nuget.org/api/v2
    FAKE (4.61.3)
    Octokit (0.24)
    SourceLink.Fake (1.1)
GITHUB
  remote: fsharp/FAKE
    modules/Octokit/Octokit.fsx (52e40cbd39d0916abfd03ca73eede27137d360eb)
      Octokit (>= 0.20)
GROUP Test
FRAMEWORK: NETSTANDARD16
NUGET
  remote: https://www.nuget.org/api/v2
    FsCheck (2.9.0-rc3)
      FSharp.Core (>= 4.1.17)
      NETStandard.Library (>= 1.6.1)
    FsCheck.Xunit (2.9.0-rc3)
      FsCheck (>= 2.9.0-rc3)
      FSharp.Core (>= 4.1.17)
      NETStandard.Library (>= 1.6.1)
      xunit.abstractions (>= 2.0.1)
      xunit.core (>= 2.2)
    FSharp.Core (4.1.17)
      System.Collections (>= 4.0.11)
      System.Console (>= 4.0)
      System.Diagnostics.Debug (>= 4.0.11)
      System.Diagnostics.Tools (>= 4.0.1)
      System.Globalization (>= 4.0.11)
      System.IO (>= 4.1)
      System.Linq (>= 4.1)
      System.Linq.Expressions (>= 4.1)
      System.Linq.Queryable (>= 4.0.1)
      System.Net.Requests (>= 4.0.11)
      System.Reflection (>= 4.1)
      System.Reflection.Extensions (>= 4.0.1)
      System.Resources.ResourceManager (>= 4.0.1)
      System.Runtime (>= 4.1)
      System.Runtime.Extensions (>= 4.1)
      System.Runtime.Numerics (>= 4.0.1)
      System.Text.RegularExpressions (>= 4.1)
      System.Threading (>= 4.0.11)
      System.Threading.Tasks (>= 4.0.11)
      System.Threading.Tasks.Parallel (>= 4.0.1)
      System.Threading.Thread (>= 4.0)
      System.Threading.ThreadPool (>= 4.0.10)
      System.Threading.Timer (>= 4.0.1)
    Microsoft.NETCore.Platforms (1.1)
    Microsoft.NETCore.Targets (1.1)
    Microsoft.Win32.Primitives (4.3)
      Microsoft.NETCore.Platforms (>= 1.1)
      Microsoft.NETCore.Targets (>= 1.1)
      System.Runtime (>= 4.3)
    NETStandard.Library (1.6.1)
      Microsoft.NETCore.Platforms (>= 1.1)
      Microsoft.Win32.Primitives (>= 4.3) - framework: >= net46, netstandard16
      System.AppContext (>= 4.3) - framework: >= net46, netstandard16
      System.Collections (>= 4.3)
      System.Collections.Concurrent (>= 4.3) - framework: >= net45, netstandard16
      System.Console (>= 4.3) - framework: >= net46, netstandard16
      System.Diagnostics.Debug (>= 4.3)
      System.Diagnostics.Tools (>= 4.3)
      System.Diagnostics.Tracing (>= 4.3) - framework: >= net45, netstandard16
      System.Globalization (>= 4.3)
      System.Globalization.Calendars (>= 4.3) - framework: >= net46, netstandard16
      System.IO (>= 4.3)
      System.IO.Compression (>= 4.3) - framework: >= net45, netstandard16
      System.IO.Compression.ZipFile (>= 4.3) - framework: >= net46, netstandard16
      System.IO.FileSystem (>= 4.3) - framework: >= net46, netstandard16
      System.IO.FileSystem.Primitives (>= 4.3) - framework: >= net46, netstandard16
      System.Linq (>= 4.3)
      System.Linq.Expressions (>= 4.3)
      System.Net.Http (>= 4.3) - framework: >= net45, netstandard16
      System.Net.Primitives (>= 4.3)
      System.Net.Sockets (>= 4.3) - framework: >= net46, netstandard16
      System.ObjectModel (>= 4.3)
      System.Reflection (>= 4.3)
      System.Reflection.Extensions (>= 4.3)
      System.Reflection.Primitives (>= 4.3)
      System.Resources.ResourceManager (>= 4.3)
      System.Runtime (>= 4.3)
      System.Runtime.Extensions (>= 4.3)
      System.Runtime.Handles (>= 4.3) - framework: >= net46, netstandard16
      System.Runtime.InteropServices (>= 4.3) - framework: >= net45, netstandard16
      System.Runtime.InteropServices.RuntimeInformation (>= 4.3) - framework: >= net45, netstandard16
      System.Runtime.Numerics (>= 4.3) - framework: >= net45, netstandard16
      System.Security.Cryptography.Algorithms (>= 4.3) - framework: >= net46, netstandard16
      System.Security.Cryptography.Encoding (>= 4.3) - framework: >= net46, netstandard16
      System.Security.Cryptography.Primitives (>= 4.3) - framework: >= net46, netstandard16
      System.Security.Cryptography.X509Certificates (>= 4.3) - framework: >= net46, netstandard16
      System.Text.Encoding (>= 4.3)
      System.Text.Encoding.Extensions (>= 4.3)
      System.Text.RegularExpressions (>= 4.3)
      System.Threading (>= 4.3)
      System.Threading.Tasks (>= 4.3)
      System.Threading.Timer (>= 4.3) - framework: >= net451, netstandard16
      System.Xml.ReaderWriter (>= 4.3)
      System.Xml.XDocument (>= 4.3)
    runtime.debian.8-x64.runtime.native.System.Security.Cryptography.OpenSsl (4.3.1)
    runtime.fedora.23-x64.runtime.native.System.Security.Cryptography.OpenSsl (4.3.1)
    runtime.fedora.24-x64.runtime.native.System.Security.Cryptography.OpenSsl (4.3.1)
    runtime.native.System (4.3)
      Microsoft.NETCore.Platforms (>= 1.1)
      Microsoft.NETCore.Targets (>= 1.1)
    runtime.native.System.IO.Compression (4.3)
      Microsoft.NETCore.Platforms (>= 1.1)
      Microsoft.NETCore.Targets (>= 1.1)
    runtime.native.System.Net.Http (4.3)
      Microsoft.NETCore.Platforms (>= 1.1)
      Microsoft.NETCore.Targets (>= 1.1)
    runtime.native.System.Security.Cryptography.Apple (4.3)
      runtime.osx.10.10-x64.runtime.native.System.Security.Cryptography.Apple (>= 4.3)
    runtime.native.System.Security.Cryptography.OpenSsl (4.3.1)
      runtime.debian.8-x64.runtime.native.System.Security.Cryptography.OpenSsl (>= 4.3.1)
      runtime.fedora.23-x64.runtime.native.System.Security.Cryptography.OpenSsl (>= 4.3.1)
      runtime.fedora.24-x64.runtime.native.System.Security.Cryptography.OpenSsl (>= 4.3.1)
      runtime.opensuse.13.2-x64.runtime.native.System.Security.Cryptography.OpenSsl (>= 4.3.1)
      runtime.opensuse.42.1-x64.runtime.native.System.Security.Cryptography.OpenSsl (>= 4.3.1)
      runtime.osx.10.10-x64.runtime.native.System.Security.Cryptography.OpenSsl (>= 4.3.1)
      runtime.rhel.7-x64.runtime.native.System.Security.Cryptography.OpenSsl (>= 4.3.1)
      runtime.ubuntu.14.04-x64.runtime.native.System.Security.Cryptography.OpenSsl (>= 4.3.1)
      runtime.ubuntu.16.04-x64.runtime.native.System.Security.Cryptography.OpenSsl (>= 4.3.1)
      runtime.ubuntu.16.10-x64.runtime.native.System.Security.Cryptography.OpenSsl (>= 4.3.1)
    runtime.opensuse.13.2-x64.runtime.native.System.Security.Cryptography.OpenSsl (4.3.1)
    runtime.opensuse.42.1-x64.runtime.native.System.Security.Cryptography.OpenSsl (4.3.1)
    runtime.osx.10.10-x64.runtime.native.System.Security.Cryptography.Apple (4.3)
    runtime.osx.10.10-x64.runtime.native.System.Security.Cryptography.OpenSsl (4.3.1)
    runtime.rhel.7-x64.runtime.native.System.Security.Cryptography.OpenSsl (4.3.1)
    runtime.ubuntu.14.04-x64.runtime.native.System.Security.Cryptography.OpenSsl (4.3.1)
    runtime.ubuntu.16.04-x64.runtime.native.System.Security.Cryptography.OpenSsl (4.3.1)
    runtime.ubuntu.16.10-x64.runtime.native.System.Security.Cryptography.OpenSsl (4.3.1)
    System.AppContext (4.3)
      System.Runtime (>= 4.3)
    System.Buffers (4.3)
      System.Diagnostics.Debug (>= 4.3)
      System.Diagnostics.Tracing (>= 4.3)
      System.Resources.ResourceManager (>= 4.3)
      System.Runtime (>= 4.3)
      System.Threading (>= 4.3)
    System.Collections (4.3)
      Microsoft.NETCore.Platforms (>= 1.1)
      Microsoft.NETCore.Targets (>= 1.1)
      System.Runtime (>= 4.3)
    System.Collections.Concurrent (4.3)
      System.Collections (>= 4.3)
      System.Diagnostics.Debug (>= 4.3)
      System.Diagnostics.Tracing (>= 4.3)
      System.Globalization (>= 4.3)
      System.Reflection (>= 4.3)
      System.Resources.ResourceManager (>= 4.3)
      System.Runtime (>= 4.3)
      System.Runtime.Extensions (>= 4.3)
      System.Threading (>= 4.3)
      System.Threading.Tasks (>= 4.3)
    System.Console (4.3)
      Microsoft.NETCore.Platforms (>= 1.1)
      Microsoft.NETCore.Targets (>= 1.1)
      System.IO (>= 4.3)
      System.Runtime (>= 4.3)
      System.Text.Encoding (>= 4.3)
    System.Diagnostics.Debug (4.3)
      Microsoft.NETCore.Platforms (>= 1.1)
      Microsoft.NETCore.Targets (>= 1.1)
      System.Runtime (>= 4.3)
    System.Diagnostics.DiagnosticSource (4.3.1)
      System.Collections (>= 4.3)
      System.Diagnostics.Tracing (>= 4.3)
      System.Reflection (>= 4.3)
      System.Runtime (>= 4.3)
      System.Threading (>= 4.3)
    System.Diagnostics.Tools (4.3)
      Microsoft.NETCore.Platforms (>= 1.1)
      Microsoft.NETCore.Targets (>= 1.1)
      System.Runtime (>= 4.3)
    System.Diagnostics.Tracing (4.3)
      Microsoft.NETCore.Platforms (>= 1.1)
      Microsoft.NETCore.Targets (>= 1.1)
      System.Runtime (>= 4.3)
    System.Globalization (4.3)
      Microsoft.NETCore.Platforms (>= 1.1)
      Microsoft.NETCore.Targets (>= 1.1)
      System.Runtime (>= 4.3)
    System.Globalization.Calendars (4.3)
      Microsoft.NETCore.Platforms (>= 1.1)
      Microsoft.NETCore.Targets (>= 1.1)
      System.Globalization (>= 4.3)
      System.Runtime (>= 4.3)
    System.Globalization.Extensions (4.3)
      Microsoft.NETCore.Platforms (>= 1.1)
      System.Globalization (>= 4.3)
      System.Resources.ResourceManager (>= 4.3)
      System.Runtime (>= 4.3)
      System.Runtime.Extensions (>= 4.3)
      System.Runtime.InteropServices (>= 4.3)
    System.IO (4.3)
      Microsoft.NETCore.Platforms (>= 1.1)
      Microsoft.NETCore.Targets (>= 1.1)
      System.Runtime (>= 4.3)
      System.Text.Encoding (>= 4.3)
      System.Threading.Tasks (>= 4.3)
    System.IO.Compression (4.3)
      Microsoft.NETCore.Platforms (>= 1.1)
      runtime.native.System (>= 4.3)
      runtime.native.System.IO.Compression (>= 4.3)
      System.Buffers (>= 4.3)
      System.Collections (>= 4.3)
      System.Diagnostics.Debug (>= 4.3)
      System.IO (>= 4.3)
      System.Resources.ResourceManager (>= 4.3)
      System.Runtime (>= 4.3)
      System.Runtime.Extensions (>= 4.3)
      System.Runtime.Handles (>= 4.3)
      System.Runtime.InteropServices (>= 4.3)
      System.Text.Encoding (>= 4.3)
      System.Threading (>= 4.3)
      System.Threading.Tasks (>= 4.3)
    System.IO.Compression.ZipFile (4.3)
      System.Buffers (>= 4.3)
      System.IO (>= 4.3)
      System.IO.Compression (>= 4.3)
      System.IO.FileSystem (>= 4.3)
      System.IO.FileSystem.Primitives (>= 4.3)
      System.Resources.ResourceManager (>= 4.3)
      System.Runtime (>= 4.3)
      System.Runtime.Extensions (>= 4.3)
      System.Text.Encoding (>= 4.3)
    System.IO.FileSystem (4.3)
      Microsoft.NETCore.Platforms (>= 1.1)
      Microsoft.NETCore.Targets (>= 1.1)
      System.IO (>= 4.3)
      System.IO.FileSystem.Primitives (>= 4.3) - framework: >= net46, netstandard16
      System.Runtime (>= 4.3)
      System.Runtime.Handles (>= 4.3)
      System.Text.Encoding (>= 4.3)
      System.Threading.Tasks (>= 4.3)
    System.IO.FileSystem.Primitives (4.3)
      System.Runtime (>= 4.3)
    System.Linq (4.3)
      System.Collections (>= 4.3)
      System.Diagnostics.Debug (>= 4.3)
      System.Resources.ResourceManager (>= 4.3)
      System.Runtime (>= 4.3)
      System.Runtime.Extensions (>= 4.3)
    System.Linq.Expressions (4.3)
      System.Collections (>= 4.3)
      System.Diagnostics.Debug (>= 4.3)
      System.Globalization (>= 4.3)
      System.IO (>= 4.3)
      System.Linq (>= 4.3)
      System.ObjectModel (>= 4.3)
      System.Reflection (>= 4.3)
      System.Reflection.Emit (>= 4.3)
      System.Reflection.Emit.ILGeneration (>= 4.3)
      System.Reflection.Emit.Lightweight (>= 4.3)
      System.Reflection.Extensions (>= 4.3)
      System.Reflection.Primitives (>= 4.3)
      System.Reflection.TypeExtensions (>= 4.3)
      System.Resources.ResourceManager (>= 4.3)
      System.Runtime (>= 4.3)
      System.Runtime.Extensions (>= 4.3)
      System.Threading (>= 4.3)
    System.Linq.Queryable (4.3)
      System.Collections (>= 4.3)
      System.Diagnostics.Debug (>= 4.3)
      System.Linq (>= 4.3)
      System.Linq.Expressions (>= 4.3)
      System.Reflection (>= 4.3)
      System.Reflection.Extensions (>= 4.3)
      System.Resources.ResourceManager (>= 4.3)
      System.Runtime (>= 4.3)
    System.Net.Http (4.3.2)
      Microsoft.NETCore.Platforms (>= 1.1)
      runtime.native.System (>= 4.3)
      runtime.native.System.Net.Http (>= 4.3)
      runtime.native.System.Security.Cryptography.OpenSsl (>= 4.3)
      System.Collections (>= 4.3)
      System.Diagnostics.Debug (>= 4.3)
      System.Diagnostics.DiagnosticSource (>= 4.3)
      System.Diagnostics.Tracing (>= 4.3)
      System.Globalization (>= 4.3)
      System.Globalization.Extensions (>= 4.3)
      System.IO (>= 4.3)
      System.IO.FileSystem (>= 4.3)
      System.Net.Primitives (>= 4.3)
      System.Resources.ResourceManager (>= 4.3)
      System.Runtime (>= 4.3)
      System.Runtime.Extensions (>= 4.3)
      System.Runtime.Handles (>= 4.3)
      System.Runtime.InteropServices (>= 4.3)
      System.Security.Cryptography.Algorithms (>= 4.3)
      System.Security.Cryptography.Encoding (>= 4.3)
      System.Security.Cryptography.OpenSsl (>= 4.3)
      System.Security.Cryptography.Primitives (>= 4.3)
      System.Security.Cryptography.X509Certificates (>= 4.3) - framework: >= net46, netstandard16
      System.Text.Encoding (>= 4.3)
      System.Threading (>= 4.3)
      System.Threading.Tasks (>= 4.3)
    System.Net.Primitives (4.3)
      Microsoft.NETCore.Platforms (>= 1.1)
      Microsoft.NETCore.Targets (>= 1.1)
      System.Runtime (>= 4.3)
      System.Runtime.Handles (>= 4.3)
    System.Net.Requests (4.3)
      Microsoft.NETCore.Platforms (>= 1.1)
      System.Collections (>= 4.3)
      System.Diagnostics.Debug (>= 4.3)
      System.Diagnostics.Tracing (>= 4.3)
      System.Globalization (>= 4.3)
      System.IO (>= 4.3)
      System.Net.Http (>= 4.3)
      System.Net.Primitives (>= 4.3)
      System.Net.WebHeaderCollection (>= 4.3)
      System.Resources.ResourceManager (>= 4.3)
      System.Runtime (>= 4.3)
      System.Threading (>= 4.3)
      System.Threading.Tasks (>= 4.3)
    System.Net.Sockets (4.3)
      Microsoft.NETCore.Platforms (>= 1.1)
      Microsoft.NETCore.Targets (>= 1.1)
      System.IO (>= 4.3)
      System.Net.Primitives (>= 4.3)
      System.Runtime (>= 4.3)
      System.Threading.Tasks (>= 4.3)
    System.Net.WebHeaderCollection (4.3)
      System.Collections (>= 4.3)
      System.Resources.ResourceManager (>= 4.3)
      System.Runtime (>= 4.3)
      System.Runtime.Extensions (>= 4.3)
    System.ObjectModel (4.3)
      System.Collections (>= 4.3)
      System.Diagnostics.Debug (>= 4.3)
      System.Resources.ResourceManager (>= 4.3)
      System.Runtime (>= 4.3)
      System.Threading (>= 4.3)
    System.Reflection (4.3)
      Microsoft.NETCore.Platforms (>= 1.1)
      Microsoft.NETCore.Targets (>= 1.1)
      System.IO (>= 4.3)
      System.Reflection.Primitives (>= 4.3)
      System.Runtime (>= 4.3)
    System.Reflection.Emit (4.3)
      System.IO (>= 4.3)
      System.Reflection (>= 4.3)
      System.Reflection.Emit.ILGeneration (>= 4.3)
      System.Reflection.Primitives (>= 4.3)
      System.Runtime (>= 4.3)
    System.Reflection.Emit.ILGeneration (4.3)
      System.Reflection (>= 4.3)
      System.Reflection.Primitives (>= 4.3)
      System.Runtime (>= 4.3)
    System.Reflection.Emit.Lightweight (4.3)
      System.Reflection (>= 4.3)
      System.Reflection.Emit.ILGeneration (>= 4.3)
      System.Reflection.Primitives (>= 4.3)
      System.Runtime (>= 4.3)
    System.Reflection.Extensions (4.3)
      Microsoft.NETCore.Platforms (>= 1.1)
      Microsoft.NETCore.Targets (>= 1.1)
      System.Reflection (>= 4.3)
      System.Runtime (>= 4.3)
    System.Reflection.Primitives (4.3)
      Microsoft.NETCore.Platforms (>= 1.1)
      Microsoft.NETCore.Targets (>= 1.1)
      System.Runtime (>= 4.3)
    System.Reflection.TypeExtensions (4.3)
      System.Reflection (>= 4.3) - framework: >= net462, netstandard16
      System.Runtime (>= 4.3)
    System.Resources.ResourceManager (4.3)
      Microsoft.NETCore.Platforms (>= 1.1)
      Microsoft.NETCore.Targets (>= 1.1)
      System.Globalization (>= 4.3)
      System.Reflection (>= 4.3)
      System.Runtime (>= 4.3)
    System.Runtime (4.3)
      Microsoft.NETCore.Platforms (>= 1.1)
      Microsoft.NETCore.Targets (>= 1.1)
    System.Runtime.Extensions (4.3)
      Microsoft.NETCore.Platforms (>= 1.1)
      Microsoft.NETCore.Targets (>= 1.1)
      System.Runtime (>= 4.3)
    System.Runtime.Handles (4.3)
      Microsoft.NETCore.Platforms (>= 1.1)
      Microsoft.NETCore.Targets (>= 1.1)
      System.Runtime (>= 4.3)
    System.Runtime.InteropServices (4.3)
      Microsoft.NETCore.Platforms (>= 1.1)
      Microsoft.NETCore.Targets (>= 1.1)
      System.Reflection (>= 4.3)
      System.Reflection.Primitives (>= 4.3)
      System.Runtime (>= 4.3) - framework: >= net462, netstandard16
      System.Runtime.Handles (>= 4.3)
    System.Runtime.InteropServices.RuntimeInformation (4.3)
      runtime.native.System (>= 4.3)
      System.Reflection (>= 4.3)
      System.Reflection.Extensions (>= 4.3)
      System.Resources.ResourceManager (>= 4.3)
      System.Runtime (>= 4.3)
      System.Runtime.InteropServices (>= 4.3)
      System.Threading (>= 4.3)
    System.Runtime.Numerics (4.3)
      System.Globalization (>= 4.3)
      System.Resources.ResourceManager (>= 4.3)
      System.Runtime (>= 4.3)
      System.Runtime.Extensions (>= 4.3)
    System.Security.Cryptography.Algorithms (4.3)
      Microsoft.NETCore.Platforms (>= 1.1)
      runtime.native.System.Security.Cryptography.Apple (>= 4.3)
      runtime.native.System.Security.Cryptography.OpenSsl (>= 4.3)
      System.Collections (>= 4.3)
      System.IO (>= 4.3) - framework: >= net463, netstandard16
      System.Resources.ResourceManager (>= 4.3)
      System.Runtime (>= 4.3) - framework: >= net463, netstandard16
      System.Runtime.Extensions (>= 4.3)
      System.Runtime.Handles (>= 4.3)
      System.Runtime.InteropServices (>= 4.3)
      System.Runtime.Numerics (>= 4.3)
      System.Security.Cryptography.Encoding (>= 4.3) - framework: >= net463, netstandard16
      System.Security.Cryptography.Primitives (>= 4.3) - framework: net46, net461, >= net463, netstandard16
      System.Text.Encoding (>= 4.3)
    System.Security.Cryptography.Cng (4.3)
      Microsoft.NETCore.Platforms (>= 1.1)
      System.IO (>= 4.3)
      System.Resources.ResourceManager (>= 4.3)
      System.Runtime (>= 4.3)
      System.Runtime.Extensions (>= 4.3)
      System.Runtime.Handles (>= 4.3)
      System.Runtime.InteropServices (>= 4.3)
      System.Security.Cryptography.Algorithms (>= 4.3) - framework: net46, net461, >= net463, netstandard16
      System.Security.Cryptography.Encoding (>= 4.3)
      System.Security.Cryptography.Primitives (>= 4.3) - framework: net46, net461, >= net463, netstandard16
      System.Text.Encoding (>= 4.3)
    System.Security.Cryptography.Csp (4.3)
      Microsoft.NETCore.Platforms (>= 1.1)
      System.IO (>= 4.3)
      System.Reflection (>= 4.3)
      System.Resources.ResourceManager (>= 4.3)
      System.Runtime (>= 4.3)
      System.Runtime.Extensions (>= 4.3)
      System.Runtime.Handles (>= 4.3)
      System.Runtime.InteropServices (>= 4.3)
      System.Security.Cryptography.Algorithms (>= 4.3) - framework: >= net46, netstandard16
      System.Security.Cryptography.Encoding (>= 4.3)
      System.Security.Cryptography.Primitives (>= 4.3) - framework: >= net46, netstandard16
      System.Text.Encoding (>= 4.3)
      System.Threading (>= 4.3)
    System.Security.Cryptography.Encoding (4.3)
      Microsoft.NETCore.Platforms (>= 1.1)
      runtime.native.System.Security.Cryptography.OpenSsl (>= 4.3)
      System.Collections (>= 4.3)
      System.Collections.Concurrent (>= 4.3)
      System.Linq (>= 4.3)
      System.Resources.ResourceManager (>= 4.3)
      System.Runtime (>= 4.3)
      System.Runtime.Extensions (>= 4.3)
      System.Runtime.Handles (>= 4.3)
      System.Runtime.InteropServices (>= 4.3)
      System.Security.Cryptography.Primitives (>= 4.3)
      System.Text.Encoding (>= 4.3)
    System.Security.Cryptography.OpenSsl (4.3)
      runtime.native.System.Security.Cryptography.OpenSsl (>= 4.3) - framework: >= net463, netstandard16
      System.Collections (>= 4.3)
      System.IO (>= 4.3) - framework: >= net463, netstandard16
      System.Resources.ResourceManager (>= 4.3)
      System.Runtime (>= 4.3) - framework: >= net463, netstandard16
      System.Runtime.Extensions (>= 4.3) - framework: >= net463, netstandard16
      System.Runtime.Handles (>= 4.3)
      System.Runtime.InteropServices (>= 4.3)
      System.Runtime.Numerics (>= 4.3)
      System.Security.Cryptography.Algorithms (>= 4.3) - framework: >= net463, netstandard16
      System.Security.Cryptography.Encoding (>= 4.3) - framework: >= net463, netstandard16
      System.Security.Cryptography.Primitives (>= 4.3) - framework: >= net463, netstandard16
      System.Text.Encoding (>= 4.3)
    System.Security.Cryptography.Primitives (4.3)
      System.Diagnostics.Debug (>= 4.3)
      System.Globalization (>= 4.3)
      System.IO (>= 4.3)
      System.Resources.ResourceManager (>= 4.3)
      System.Runtime (>= 4.3)
      System.Threading (>= 4.3)
      System.Threading.Tasks (>= 4.3)
    System.Security.Cryptography.X509Certificates (4.3)
      Microsoft.NETCore.Platforms (>= 1.1)
      runtime.native.System (>= 4.3)
      runtime.native.System.Net.Http (>= 4.3)
      runtime.native.System.Security.Cryptography.OpenSsl (>= 4.3)
      System.Collections (>= 4.3)
      System.Diagnostics.Debug (>= 4.3)
      System.Globalization (>= 4.3)
      System.Globalization.Calendars (>= 4.3)
      System.IO (>= 4.3)
      System.IO.FileSystem (>= 4.3)
      System.IO.FileSystem.Primitives (>= 4.3)
      System.Resources.ResourceManager (>= 4.3)
      System.Runtime (>= 4.3)
      System.Runtime.Extensions (>= 4.3)
      System.Runtime.Handles (>= 4.3)
      System.Runtime.InteropServices (>= 4.3)
      System.Runtime.Numerics (>= 4.3)
      System.Security.Cryptography.Algorithms (>= 4.3) - framework: >= net46, netstandard16
      System.Security.Cryptography.Cng (>= 4.3)
      System.Security.Cryptography.Csp (>= 4.3)
      System.Security.Cryptography.Encoding (>= 4.3) - framework: >= net46, netstandard16
      System.Security.Cryptography.OpenSsl (>= 4.3)
      System.Security.Cryptography.Primitives (>= 4.3)
      System.Text.Encoding (>= 4.3)
      System.Threading (>= 4.3)
    System.Text.Encoding (4.3)
      Microsoft.NETCore.Platforms (>= 1.1)
      Microsoft.NETCore.Targets (>= 1.1)
      System.Runtime (>= 4.3)
    System.Text.Encoding.Extensions (4.3)
      Microsoft.NETCore.Platforms (>= 1.1)
      Microsoft.NETCore.Targets (>= 1.1)
      System.Runtime (>= 4.3)
      System.Text.Encoding (>= 4.3)
    System.Text.RegularExpressions (4.3)
      System.Collections (>= 4.3)
      System.Globalization (>= 4.3)
      System.Resources.ResourceManager (>= 4.3)
      System.Runtime (>= 4.3)
      System.Runtime.Extensions (>= 4.3)
      System.Threading (>= 4.3)
    System.Threading (4.3)
      System.Runtime (>= 4.3)
      System.Threading.Tasks (>= 4.3)
    System.Threading.Tasks (4.3)
      Microsoft.NETCore.Platforms (>= 1.1)
      Microsoft.NETCore.Targets (>= 1.1)
      System.Runtime (>= 4.3)
    System.Threading.Tasks.Extensions (4.3)
      System.Collections (>= 4.3)
      System.Runtime (>= 4.3)
      System.Threading.Tasks (>= 4.3)
    System.Threading.Tasks.Parallel (4.3)
      System.Collections.Concurrent (>= 4.3)
      System.Diagnostics.Debug (>= 4.3)
      System.Diagnostics.Tracing (>= 4.3)
      System.Resources.ResourceManager (>= 4.3)
      System.Runtime (>= 4.3)
      System.Runtime.Extensions (>= 4.3)
      System.Threading (>= 4.3)
      System.Threading.Tasks (>= 4.3)
    System.Threading.Thread (4.3)
      System.Runtime (>= 4.3)
    System.Threading.ThreadPool (4.3)
      System.Runtime (>= 4.3)
      System.Runtime.Handles (>= 4.3)
    System.Threading.Timer (4.3)
      Microsoft.NETCore.Platforms (>= 1.1)
      Microsoft.NETCore.Targets (>= 1.1)
      System.Runtime (>= 4.3)
    System.Xml.ReaderWriter (4.3)
      System.Collections (>= 4.3)
      System.Diagnostics.Debug (>= 4.3)
      System.Globalization (>= 4.3)
      System.IO (>= 4.3)
      System.IO.FileSystem (>= 4.3)
      System.IO.FileSystem.Primitives (>= 4.3)
      System.Resources.ResourceManager (>= 4.3)
      System.Runtime (>= 4.3)
      System.Runtime.Extensions (>= 4.3)
      System.Runtime.InteropServices (>= 4.3)
      System.Text.Encoding (>= 4.3)
      System.Text.Encoding.Extensions (>= 4.3)
      System.Text.RegularExpressions (>= 4.3)
      System.Threading.Tasks (>= 4.3)
      System.Threading.Tasks.Extensions (>= 4.3)
    System.Xml.XDocument (4.3)
      System.Collections (>= 4.3)
      System.Diagnostics.Debug (>= 4.3)
      System.Diagnostics.Tools (>= 4.3)
      System.Globalization (>= 4.3)
      System.IO (>= 4.3)
      System.Reflection (>= 4.3)
      System.Resources.ResourceManager (>= 4.3)
      System.Runtime (>= 4.3)
      System.Runtime.Extensions (>= 4.3)
      System.Text.Encoding (>= 4.3)
      System.Threading (>= 4.3)
      System.Xml.ReaderWriter (>= 4.3)
    xunit (2.2)
      xunit.assert (2.2)
      xunit.core (2.2)
    xunit.abstractions (2.0.1)
      NETStandard.Library (>= 1.6)
    xunit.assert (2.2)
      NETStandard.Library (>= 1.6)
    xunit.core (2.2)
      xunit.extensibility.core (2.2)
      xunit.extensibility.execution (2.2)
    xunit.extensibility.core (2.2)
      NETStandard.Library (>= 1.6)
      xunit.abstractions (>= 2.0.1) - framework: >= net452, netstandard16
    xunit.extensibility.execution (2.2)
      NETStandard.Library (>= 1.6)
      xunit.extensibility.core (2.2) - framework: >= net452, netstandard16
    xunit.runner.visualstudio (2.2)
